GEM
  remote: https://rubygems.org/
  specs:
    clonk (2.2.6)
      faraday
      faraday_middleware
    faraday (0.15.4)
      multipart-post (>= 1.2, < 3)
    faraday_middleware (0.13.1)
      faraday (>= 0.7.4, < 1.0)
    jwt (2.1.0)
    multipart-post (2.0.0)
    mustermann (1.0.3)
    rack (2.0.6)
    rack-protection (2.0.5)
      rack
    sinatra (2.0.5)
      mustermann (~> 1.0)
      rack (~> 2.0)
      rack-protection (= 2.0.5)
      tilt (~> 2.0)
    tilt (2.0.9)

PLATFORMS
  ruby

DEPENDENCIES
  clonk (~> 2.2, >= 2.2.6)
  jwt (~> 2.1)
  sinatra (~> 2.0, >= 2.0.5)

BUNDLED WITH
   1.17.3
